GEM
  remote: https://rubygems.org/
  specs:
    chunky_png (1.3.5)
    indico (0.7.0)
      inifile (~> 3.0.0)
      oily_png (~> 1.2.0)
    inifile (3.0.0)
    minitest (5.8.3)
    oily_png (1.2.0)
      chunky_png (~> 1.3.1)
    rack (1.6.4)
    rack-protection (1.5.3)
      rack
    rack-test (0.6.3)
      rack (>= 1.0)
    rake (10.4.2)
    sinatra (1.4.6)
      rack (~> 1.4)
      rack-protection (~> 1.4)
      tilt (>= 1.3, < 3)
    tilt (1.4.1)

PLATFORMS
  x64-mingw32

DEPENDENCIES
  indico
  minitest (~> 5.2)
  rack-test (~> 0.6)
  rake (~> 10.0)
  sinatra (~> 1.4)

BUNDLED WITH
   1.10.6
